GEM
  remote: https://rubygems.org/
  specs:
    activemodel (4.2.9)
      activesupport (= 4.2.9)
      builder (~> 3.1)
    activesupport (4.2.9)
      i18n (~> 0.7)
      minitest (~> 5.1)
      thread_safe (~> 0.3, >= 0.3.4)
      tzinfo (~> 1.1)
    addressable (2.5.2)
      public_suffix (>= 2.0.2, < 4.0)
    builder (3.2.3)
    coffee-script (2.4.1)
      coffee-script-source
      execjs
    coffee-script-source (1.11.1)
    colorator (1.1.0)
    colorize (0.8.1)
    commonmarker (0.17.13)
      ruby-enum (~> 0.5)
    concurrent-ruby (1.0.5)
    eip_validator (0.8.0)
      activemodel
      front_matter_parser (~> 0.1.1)
    ethon (0.11.0)
      ffi (>= 1.3.0)
    execjs (2.7.0)
    faraday (0.15.3)
      multipart-post (>= 1.2, < 3)
    ffi (1.9.25)
    forwardable-extended (2.6.0)
    front_matter_parser (0.1.1)
    gemoji (3.0.0)
    github-pages (179)
      activesupport (= 4.2.9)
      github-pages-health-check (= 1.4.0)
      jekyll (= 3.6.2)
      jekyll-avatar (= 0.5.0)
      jekyll-coffeescript (= 1.1.1)
      jekyll-commonmark-ghpages (= 0.1.5)
      jekyll-default-layout (= 0.1.4)
      jekyll-feed (= 0.9.3)
      jekyll-gist (= 1.5.0)
      jekyll-github-metadata (= 2.9.4)
      jekyll-mentions (= 1.3.0)
      jekyll-optional-front-matter (= 0.3.0)
      jekyll-paginate (= 1.1.0)
      jekyll-readme-index (= 0.2.0)
      jekyll-redirect-from (= 0.13.0)
      jekyll-relative-links (= 0.5.3)
      jekyll-remote-theme (= 0.2.3)
      jekyll-sass-converter (= 1.5.2)
      jekyll-seo-tag (= 2.4.0)
      jekyll-sitemap (= 1.2.0)
      jekyll-swiss (= 0.4.0)
      jekyll-theme-architect (= 0.1.0)
      jekyll-theme-cayman (= 0.1.0)
      jekyll-theme-dinky (= 0.1.0)
      jekyll-theme-hacker (= 0.1.0)
      jekyll-theme-leap-day (= 0.1.0)
      jekyll-theme-merlot (= 0.1.0)
      jekyll-theme-midnight (= 0.1.0)
      jekyll-theme-minimal (= 0.1.0)
      jekyll-theme-modernist (= 0.1.0)
      jekyll-theme-primer (= 0.5.2)
      jekyll-theme-slate (= 0.1.0)
      jekyll-theme-tactile (= 0.1.0)
     ...